GIT
  remote: git@github.com:fkenji/flatiron-template.git
  revision: e7d3f221719c0256395f913c82fcbe9c86970c42
  specs:
    flatiron-template (0.0.1)

GEM
  remote: https://rubygems.org/
  specs:
    coderay (1.1.0)
    faker (1.2.0)
      i18n (~> 0.5)
    i18n (0.6.11)
    method_source (0.8.2)
    pry (0.10.1)
      coderay (~> 1.1.0)
      method_source (~> 0.8.1)
      slop (~> 3.4)
    rack (1.5.2)
    rack-protection (1.5.3)
      rack
    rake (10.3.2)
    shotgun (0.9)
      rack (>= 1.0)
    sinatra (1.4.5)
      rack (~> 1.4)
      rack-protection (~> 1.4)
      tilt (~> 1.3, >= 1.3.4)
    slop (3.6.0)
    tilt (1.4.1)

PLATFORMS
  ruby

DEPENDENCIES
  faker
  flatiron-template!
  pry
  rake
  shotgun
  sinatra
